BrainVision Data Exchange Header File Version 1.0
; Data created by the BrainVision Recorder

[Common Infos]
Codepage=UTF-8
DataFile=testgroup8.eeg
MarkerFile=testgroup8.vmrk
DataFormat=BINARY
; Data orientation: MULTIPLEXED=ch1,pt1, ch2,pt1 ...
DataOrientation=MULTIPLEXED
NumberOfChannels=31
; Sampling interval in microseconds
SamplingInterval=1000

[Binary Infos]
BinaryFormat=IEEE_FLOAT_32

[Channel Infos]
; Each entry: Ch<Channel number>=<Name>,<Reference channel name>,
; <Resolution in "Unit">,<Unit>, Future extensions..
; Fields are delimited by commas, some fields might be omitted (empty).
; Commas in channel names are coded as "\1".
Ch1=1,,0.0488281,µV
Ch2=3,,0.0488281,µV
Ch3=4,,0.0488281,µV
Ch4=5,,0.0488281,µV
Ch5=6,,0.0488281,µV
Ch6=7,,0.0488281,µV
Ch7=8,,0.0488281,µV
Ch8=9,,0.0488281,µV
Ch9=10,,0.0488281,µV
Ch10=11,,0.0488281,µV
Ch11=12,,0.0488281,µV
Ch12=13,,0.0488281,µV
Ch13=14,,0.0488281,µV
Ch14=15,,0.0488281,µV
Ch15=16,,0.0488281,µV
Ch16=17,,0.0488281,µV
Ch17=18,,0.0488281,µV
Ch18=19,,0.0488281,µV
Ch19=20,,0.0488281,µV
Ch20=21,,0.0488281,µV
Ch21=22,,0.0488281,µV
Ch22=23,,0.0488281,µV
Ch23=24,,0.0488281,µV
Ch24=25,,0.0488281,µV
Ch25=26,,0.0488281,µV
Ch26=27,,0.0488281,µV
Ch27=28,,0.0488281,µV
Ch28=29,,0.0488281,µV
Ch29=30,,0.0488281,µV
Ch30=31,,0.0488281,µV
Ch31=32,,0.0488281,µV

[Comment]

BrainVision Recorder Professional   -   V. 1.23.0003


A m p l i f i e r  S e t u p
============================
Number of channels: 31
Sampling Rate [Hz]: 1000
Sampling Interval [µS]: 1000

Channels
--------
#     Name      Phys. Chn.    Resolution / Unit   Low Cutoff [s]   High Cutoff [Hz]   Notch [Hz]    Gradient         Offset
1     1           1          0.0488281 µV             DC              280              Off
2     3           3          0.0488281 µV             DC              280              Off
3     4           4          0.0488281 µV             DC              280              Off
4     5           5          0.0488281 µV             DC              280              Off
5     6           6          0.0488281 µV             DC              280              Off
6     7           7          0.0488281 µV             DC              280              Off
7     8           8          0.0488281 µV             DC              280              Off
8     9           9          0.0488281 µV             DC              280              Off
9     10          10         0.0488281 µV             DC              280              Off
10    11          11         0.0488281 µV             DC              280              Off
11    12          12         0.0488281 µV             DC              280              Off
12    13          13         0.0488281 µV             DC              280              Off
13    14          14         0.0488281 µV             DC              280              Off
14    15          15         0.0488281 µV             DC              280              Off
15    16          16         0.0488281 µV             DC              280              Off
16    17          17         0.0488281 µV             DC              280              Off
17    18          18         0.0488281 µV             DC              280              Off
18    19          19         0.0488281 µV             DC              280              Off
19    20          20         0.0488281 µV             DC              280              Off
20    21          21         0.0488281 µV             DC              280              Off
21    22          22         0.0488281 µV             DC              280              Off
22    23          23         0.0488281 µV             DC              280              Off
23    24          24         0.0488281 µV             DC              280              Off
24    25          25         0.0488281 µV             DC              280              Off
25    26          26         0.0488281 µV             DC              280              Off
26    27          27         0.0488281 µV             DC              280              Off
27    28          28         0.0488281 µV             DC              280              Off
28    29          29         0.0488281 µV             DC              280              Off
29    30          30         0.0488281 µV             DC              280              Off
30    31          31         0.0488281 µV             DC              280              Off
31    32          32         0.0488281 µV             DC              280              Off

Reference Channel Name = 2
Reference Phys. Chn.   = 2
Use active/dry Electrodes = Yes 
Good Level [kOhms]     = 25
Bad Level [kOhms]      = 60
MY-Button Workspace    = C:\Vision\Workfiles\MYButton

Amplifier 
actiCHamp Base Unit (5001) 
  --- S/N 18071067 --- 

actiCHamp 32 CH Module
  --- Module 1 (5010): S/N 18072014 ---
Version: DLL_27.18.06.25, DRV_03.04.01.146, CTRL_103.17.02.27, FPGA_67.00.00.00, DSP_105.14.10.07 


S o f t w a r e  F i l t e r s
==============================
Disabled


No impedance values available at 13:41:52!
